PATH
  remote: .
  specs:
    daily_recipe (0.1.0)
      nokogiri
      terminal-table

GEM
  remote: https://rubygems.org/
  specs:
    coderay (1.1.0)
    method_source (0.8.2)
    mini_portile2 (2.1.0)
    nokogiri (1.6.8)
      mini_portile2 (~> 2.1.0)
      pkg-config (~> 1.1.7)
    pkg-config (1.1.7)
    pry (0.10.3)
      coderay (~> 1.1.0)
      method_source (~> 0.8.1)
      slop (~> 3.4)
    rake (10.4.2)
    slop (3.6.0)
    terminal-table (1.6.0)

PLATFORMS
  ruby

DEPENDENCIES
  bundler (~> 1.12)
  daily_recipe!
  pry
  rake (~> 10.0)

BUNDLED WITH
   1.12.5
